GIT
  remote: git://github.com/pauldix/feedzirra.git
  revision: 80cd35766e40ee3058db1c5c0c25448baeea4212
  specs:
    feedzirra (0.2.0.rc2)
      curb (~> 0.8.1)
      loofah (~> 1.2.1)
      nokogiri (~> 1.5.3)
      sax-machine (~> 0.2.0.rc1)

GEM
  remote: https://rubygems.org/
  specs:
    activemodel (3.2.13)
      activesupport (= 3.2.13)
      builder (~> 3.0.0)
    activerecord (3.2.13)
      activemodel (= 3.2.13)
      activesupport (= 3.2.13)
      arel (~> 3.0.2)
      tzinfo (~> 0.3.29)
    activesupport (3.2.13)
      i18n (= 0.6.1)
      multi_json (~> 1.0)
    arel (3.0.2)
    backports (3.3.0)
    builder (3.0.4)
    celluloid (0.13.0)
      timers (>= 1.0.0)
    connection_pool (1.0.0)
    curb (0.8.3)
    daemons (1.1.9)
    database_cleaner (1.0.1)
    diff-lcs (1.2.4)
    eventmachine (1.0.3)
    fabrication (2.7.0)
    i18n (0.6.1)
    jsmin (1.0.1)
    json (1.8.0)
    loofah (1.2.1)
      nokogiri (>= 1.4.4)
    multi_json (1.7.3)
    nokogiri (1.5.9)
    pg (0.15.1)
    rack (1.5.2)
    rack-contrib (1.1.0)
      rack (>= 0.9.1)
    rack-protection (1.5.0)
      rack
    rack-revision (1.0.1)
      rack (>= 1.0)
    rack-test (0.6.2)
      rack (>= 1.0)
    rake (10.0.4)
    redis (3.0.4)
    redis-namespace (1.2.1)
      redis (~> 3.0.0)
    rspec (2.13.0)
      rspec-core (~> 2.13.0)
      rspec-expectations (~> 2.13.0)
      rspec-mocks (~> 2.13.0)
    rspec-core (2.13.1)
    rspec-expectations (2.13.0)
      diff-lcs (>= 1.1.3, < 2.0)
    rspec-mocks (2.13.1)
    sax-machine (0.2.0.rc1)
      nokogiri (~> 1.5.2)
    shotgun (0.9)
      rack (>= 1.0)
    sidekiq (2.11.2)
      celluloid (>= 0.13.0)
      connection_pool (>= 1.0.0)
      multi_json
      redis (>= 3.0)
      redis-namespace
    simplecov (0.7.1)
      multi_json (~> 1.0)
      simplecov-html (~> 0.7.1)
    simplecov-html (0.7.1)
    sinatra (1.4.2)
      rack (~> 1.5, >= 1.5.2)
      rack-protection (~> 1.4)
      tilt (~> 1.3, >= 1.3.4)
    sinatra-activerecord (1.2.2)
      activerecord (~> 3.0)
      sinatra (~> 1.0)
    sinatra-assetpack (0.2.2)
      backports
      jsmin
      rack-test
      sinatra
      tilt (>= 1.3.0)
    thin (1.5.1)
      daemons (>= 1.0.9)
      eventmachine (>= 0.12.6)
      rack (>= 1.0.0)
    tilt (1.4.1)
    timers (1.1.0)
    tzinfo (0.3.37)

PLATFORMS
  ruby

DEPENDENCIES
  activerecord (~> 3.2)
  database_cleaner
  fabrication
  feedzirra!
  json
  loofah (~> 1.2)
  pg
  rack-contrib
  rack-revision
  rack-test
  rake
  redis
  rspec
  shotgun
  sidekiq
  simplecov
  sinatra
  sinatra-activerecord
  sinatra-assetpack
  thin
